NUGET
  remote: https://www.myget.org/F/particular
  specs:
    NServiceBus (6.0.0-unstable1150)
