NUGET
  remote: https://nuget.org/api/v2
  specs:
    LibGit2Sharp (0.21.0.176)
  remote: https://www.myget.org/F/particular
  specs:
    NServiceBus (6.0.0-unstable1150)
